{
  "aor": 0.0008583750000000001,
  "aqi": 0.0083203151875,
  "bids_meta": {
    "AcquisitionMatrixPE": 64,
    "AcquisitionNumber": 1,
    "AcquisitionTime": "11:54:47.747500",
    "BandwidthPerPixelPhaseEncode": 31.25,
    "BaseResolution": 64,
    "CoilCombinationMethod": "Sum of Squares",
    "CoilString": "C:HEA;HEP",
    "ConversionSoftware": "dcm2niix",
    "ConversionSoftwareVersion": "v1.0.20211006",
    "DerivedVendorReportedEchoSpacing": 0.0005,
    "DeviceSerialNumber": "35377",
    "DwellTime": 3.4e-06,
    "EchoTime": 0.03,
    "EffectiveEchoSpacing": 0.0005,
    "FlipAngle": 90,
    "ImageOrientationPatientDICOM": [
      0.998188,
      0.0520949,
      -0.0301063,
      -0.0558074,
      0.98863,
      -0.139626
    ],
    "ImageOrientationText": "Tra>Cor(-8.1)>Sag(-1.3)",
    "ImageType": [
      "ORIGINAL",
      "PRIMARY",
      "M",
      "ND",
      "MOSAIC"
    ],
    "ImagingFrequency": 123.256,
    "InPlanePhaseEncodingDirectionDICOM": "COL",
    "InstitutionAddress": "Azinhaga Santa Comba StreetNo,Coimbra,District,PT,3000",
    "InstitutionName": "IBILI",
    "InstitutionalDepartmentName": "Department",
    "MRAcquisitionType": "2D",
    "MagneticFieldStrength": 3,
    "Manufacturer": "Siemens",
    "ManufacturersModelName": "TrioTim",
    "MatrixCoilMode": "SENSE",
    "Modality": "MR",
    "PartialFourier": 1,
    "PatientPosition": "HFS",
    "PercentPhaseFOV": 100,
    "PercentSampling": 100,
    "PhaseEncodingDirection": "j-",
    "PhaseEncodingSteps": 64,
    "PhaseResolution": 1,
    "PixelBandwidth": 2298,
    "ProcedureStepDescription": "Unknown",
    "ProtocolName": "rtfmri_neurofeedback_LocDynamicExpressions",
    "PulseSequenceDetails": "%SiemensSeq%\\ep2d_bold",
    "ReceiveCoilName": "HeadMatrix",
    "ReconMatrixPE": 64,
    "RepetitionTime": 2,
    "SAR": 0.167534,
    "ScanOptions": "FS",
    "ScanningSequence": "EP",
    "SequenceName": "*epfid2d1_64",
    "SequenceVariant": "SK",
    "SeriesDescription": "rtfmri_neurofeedback_LocDynamicExpressions",
    "SeriesNumber": 5,
    "ShimSetting": [
      15820,
      7503,
      21344,
      375,
      305,
      136,
      -233,
      103
    ],
    "SliceThickness": 3,
    "SliceTiming": [
      0,
      1.035,
      0.06,
      1.095,
      0.1225,
      1.155,
      0.1825,
      1.2175,
      0.2425,
      1.2775,
      0.305,
      1.3375,
      0.365,
      1.4,
      0.425,
      1.46,
      0.4875,
      1.52,
      0.5475,
      1.5825,
      0.6075,
      1.6425,
      0.67,
      1.7025,
      0.73,
      1.765,
      0.79,
      1.825,
      0.8525,
      1.885,
      0.9125,
      1.9475,
      0.9725
    ],
    "SoftwareVersions": "syngo MR B17",
    "SpacingBetweenSlices": 3,
    "StationName": "MRC35377",
    "TaskName": "faceexplocalizer",
    "TotalReadoutTime": 0.0315,
    "TxRefAmp": 386.682,
    "dataset": "ds004141",
    "dcmmeta_affine": [
      [
        -3.99275279045105,
        -0.22322949767112732,
        -0.06747058033943176,
        138.1243438720703
      ],
      [
        -0.20837973058223724,
        3.954521656036377,
        -0.4231601655483246,
        -70.659423828125
      ],
      [
        -0.12042523920536041,
        0.5585048198699951,
        2.9692394733428955,
        -75.55908966064453
      ],
      [
        0.0,
        0.0,
        0.0,
        1.0
      ]
    ],
    "dcmmeta_reorient_transform": [
      [
        0.0,
        -1.0,
        0.0,
        63.0
      ],
      [
        1.0,
        0.0,
        0.0,
        0.0
      ],
      [
        0.0,
        0.0,
        1.0,
        0.0
      ],
      [
        0.0,
        0.0,
        0.0,
        1.0
      ]
    ],
    "dcmmeta_shape": [
      64,
      64,
      33,
      160
    ],
    "dcmmeta_slice_dim": 2,
    "dcmmeta_version": 0.6,
    "global": {
      "const": {
        "AccessionNumber": "JML20150326-0315",
        "AcquisitionMatrix": [
          64,
          0,
          0,
          64
        ],
        "Allergies": "MEDALERGIESL",
        "AngioFlag": "N",
        "BitsAllocated": 16,
        "BitsStored": 12,
        "Columns": 384,
        "EchoNumbers": 1,
        "EchoTime": 30.0,
        "EchoTrainLength": 1,
        "FlipAngle": 90.0,
        "HighBit": 11,
        "ImageOrientationPatient": [
          0.99818822280914,
          0.05209493243444,
          -0.030106309302,
          -0.0558073740469,
          0.98863039522641,
          -0.1396262104208
        ],
        "ImagePositionPatient": [
          -727.18462785668,
          -844.53964395921,
          68.255526532627
        ],
        "ImageType": [
          "ORIGINAL",
          "PRIMARY",
          "M",
          "ND",
          "MOSAIC"
        ],
        "ImagedNucleus": "1H",
        "ImagingFrequency": 123.25565,
        "InPlanePhaseEncodingDirection": "COL",
        "MRAcquisitionType": "2D",
        "MagneticFieldStrength": 3.0,
        "Manufacturer": "SIEMENS",
        "ManufacturerModelName": "TrioTim",
        "MedicalAlerts": "MEDALERTS",
        "Modality": "MR",
        "NumberOfAverages": 1.0,
        "NumberOfPhaseEncodingSteps": 64,
        "PercentPhaseFieldOfView": 100.0,
        "PercentSampling": 100.0,
        "PerformedProcedureStepStartTime": "113359.406000",
        "PhotometricInterpretation": "MONOCHROME2",
        "PixelBandwidth": 2298.0,
        "PixelRepresentation": 0,
        "PixelSpacing": [
          4.0,
          4.0
        ],
        "ProtocolName": "rtfmri_neurofeedback_LocDynamicExpressions",
        "RepetitionTime": 2000.0,
        "RequestAttributesSequence": [
          {
            "RequestedProcedureID": "7d486359-f3ad-41",
            "ScheduledProcedureStepDescription": "Unknown",
            "ScheduledProcedureStepID": "7d486359-f3ad-41"
          }
        ],
        "Rows": 384,
        "SAR": 0.16753403055434,
        "SamplesPerPixel": 1,
        "ScanOptions": "FS",
        "ScanningSequence": "EP",
        "SequenceName": "*epfid2d1_64",
        "SequenceVariant": "SK",
        "SeriesDescription": "rtfmri_neurofeedback_LocDynamicExpressions",
        "SeriesNumber": 5,
        "SeriesTime": "115451.359000",
        "SliceLocation": -67.924037517673,
        "SliceThickness": 3.0,
        "SmallestImagePixelValue": 0,
        "SoftwareVersions": "syngo MR B17",
        "SpacingBetweenSlices": 2.999999980033,
        "SpecificCharacterSet": "ISO_IR 100",
        "StudyID": "7d486359-f3ad-41",
        "StudyTime": "113359.343000",
        "TransmitCoilName": "Body",
        "VariableFlipAngleFlag": "N",
        "WindowCenterWidthExplanation": "Algo1",
        "dBdt": 0.0
      },
