{
  "aor": 0.000697,
  "aqi": 0.0086030924375,
  "bids_meta": {
    "AcquisitionMatrixPE": 64,
    "AcquisitionNumber": 1,
    "AcquisitionTime": "16:22:8.810000",
    "BandwidthPerPixelPhaseEncode": 31.25,
    "BaseResolution": 64,
    "CoilCombinationMethod": "Sum of Squares",
    "CoilString": "C:HEA;HEP",
    "ConversionSoftware": "dcm2niix",
    "ConversionSoftwareVersion": "v1.0.20211006",
    "DerivedVendorReportedEchoSpacing": 0.0005,
    "DeviceSerialNumber": "35377",
    "DwellTime": 3.4e-06,
    "EchoTime": 0.03,
    "EffectiveEchoSpacing": 0.0005,
    "FlipAngle": 90,
    "ImageOrientationPatientDICOM": [
      0.997014,
      -0.0764928,
      0.010596,
      0.076716,
      0.996798,
      -0.0225657
    ],
    "ImageOrientationText": "Tra>Cor(-1.3)>Sag(0.5)",
    "ImageType": [
      "ORIGINAL",
      "PRIMARY",
      "M",
      "ND",
      "MOSAIC"
    ],
    "ImagingFrequency": 123.256,
    "InPlanePhaseEncodingDirectionDICOM": "COL",
    "InstitutionAddress": "Azinhaga Santa Comba StreetNo,Coimbra,District,PT,3000",
    "InstitutionName": "IBILI",
    "InstitutionalDepartmentName": "Department",
    "MRAcquisitionType": "2D",
    "MagneticFieldStrength": 3,
    "Manufacturer": "Siemens",
    "ManufacturersModelName": "TrioTim",
    "MatrixCoilMode": "SENSE",
    "Modality": "MR",
    "PartialFourier": 1,
    "PatientPosition": "HFS",
    "PercentPhaseFOV": 100,
    "PercentSampling": 100,
    "PhaseEncodingDirection": "j-",
    "PhaseEncodingSteps": 64,
    "PhaseResolution": 1,
    "PixelBandwidth": 2298,
    "ProcedureStepDescription": "Unknown",
    "ProtocolName": "rtfmri_neurofeedback_LocDynamicExpressions",
    "PulseSequenceDetails": "%SiemensSeq%\\ep2d_bold",
    "ReceiveCoilName": "HeadMatrix",
    "ReconMatrixPE": 64,
    "RepetitionTime": 2,
    "SAR": 0.17159,
    "ScanOptions": "FS",
    "ScanningSequence": "EP",
    "SequenceName": "*epfid2d1_64",
    "SequenceVariant": "SK",
    "SeriesDescription": "rtfmri_neurofeedback_LocDynamicExpressions",
    "SeriesNumber": 3,
    "ShimSetting": [
      15842,
      7515,
      21329,
      629,
      355,
      -456,
      480,
      -24
    ],
    "SliceThickness": 3,
    "SliceTiming": [
      0,
      1.035,
      0.0625,
      1.095,
      0.1225,
      1.1575,
      0.1825,
      1.2175,
      0.245,
      1.2775,
      0.305,
      1.34,
      0.365,
      1.4,
      0.4275,
      1.46,
      0.4875,
      1.5225,
      0.5475,
      1.5825,
      0.61,
      1.6425,
      0.67,
      1.705,
      0.73,
      1.765,
      0.7925,
      1.825,
      0.8525,
      1.8875,
      0.9125,
      1.9475,
      0.975
    ],
    "SoftwareVersions": "syngo MR B17",
    "SpacingBetweenSlices": 3,
    "StationName": "MRC35377",
    "TaskName": "faceexplocalizer",
    "TotalReadoutTime": 0.0315,
    "TxRefAmp": 385.259,
    "dataset": "ds004141",
    "dcmmeta_affine": [
      [
        -3.9880552291870117,
        0.30686408281326294,
        0.026507752016186714,
        120.48240661621094
      ],
      [
        0.3059711754322052,
        3.9871904850006104,
        -0.06993365287780762,
        -97.48936462402344
      ],
      [
        0.04238386079668999,
        0.09026288241147995,
        2.999067783355713,
        -48.957489013671875
      ],
      [
        0.0,
        0.0,
        0.0,
        1.0
      ]
    ],
    "dcmmeta_reorient_transform": [
      [
        0.0,
        -1.0,
        0.0,
        63.0
      ],
      [
        1.0,
        0.0,
        0.0,
        0.0
      ],
      [
        0.0,
        0.0,
        1.0,
        0.0
      ],
      [
        0.0,
        0.0,
        0.0,
        1.0
      ]
    ],
    "dcmmeta_shape": [
      64,
      64,
      33,
      160
    ],
    "dcmmeta_slice_dim": 2,
    "dcmmeta_version": 0.6,
    "global": {
      "const": {
        "AccessionNumber": "GNF20150313-0549",
        "AcquisitionMatrix": [
          64,
          0,
          0,
          64
        ],
        "Allergies": "MEDALERGIESL",
        "AngioFlag": "N",
        "BitsAllocated": 16,
        "BitsStored": 12,
        "Columns": 384,
        "EchoNumbers": 1,
        "EchoTime": 30.0,
        "EchoTrainLength": 1,
        "FlipAngle": 90.0,
        "HighBit": 11,
        "ImageOrientationPatient": [
          0.99701383062214,
          -0.0764927910112,
          0.0105959648679,
          0.07671602253819,
          0.99679759234945,
          -0.0225657211773
        ],
        "ImagePositionPatient": [
          -827.00194669888,
          -742.69870473732,
          -35.610281963983
        ],
        "ImageType": [
          "ORIGINAL",
          "PRIMARY",
          "M",
          "ND",
          "MOSAIC"
        ],
        "ImagedNucleus": "1H",
        "ImagingFrequency": 123.255616,
        "InPlanePhaseEncodingDirection": "COL",
        "MRAcquisitionType": "2D",
        "MagneticFieldStrength": 3.0,
        "Manufacturer": "SIEMENS",
        "ManufacturerModelName": "TrioTim",
        "MedicalAlerts": "MEDALERTS",
        "Modality": "MR",
        "NumberOfAverages": 1.0,
        "NumberOfPhaseEncodingSteps": 64,
        "PercentPhaseFieldOfView": 100.0,
        "PercentSampling": 100.0,
        "PerformedProcedureStepStartTime": "161045.781000",
        "PhotometricInterpretation": "MONOCHROME2",
        "PixelBandwidth": 2298.0,
        "PixelRepresentation": 0,
        "PixelSpacing": [
          4.0,
          4.0
        ],
        "ProtocolName": "rtfmri_neurofeedback_LocDynamicExpressions",
        "RepetitionTime": 2000.0,
        "RequestAttributesSequence": [
          {
            "RequestedProcedureID": "112b543c-70a8-4e",
            "ScheduledProcedureStepDescription": "Unknown",
            "ScheduledProcedureStepID": "112b543c-70a8-4e"
          }
        ],
        "Rows": 384,
        "SAR": 0.17158952197944,
        "SamplesPerPixel": 1,
        "ScanOptions": "FS",
        "ScanningSequence": "EP",
        "SequenceName": "*epfid2d1_64",
        "SequenceVariant": "SK",
        "SeriesDescription": "rtfmri_neurofeedback_LocDynamicExpressions",
        "SeriesNumber": 3,
        "SeriesTime": "162212.296000",
        "SliceLocation": -45.605104026427,
        "SliceThickness": 3.0,
        "SmallestImagePixelValue": 0,
        "SoftwareVersions": "syngo MR B17",
        "SpacingBetweenSlices": 3.0000000384586,
        "SpecificCharacterSet": "ISO_IR 100",
        "StudyID": "112b543c-70a8-4e",
        "StudyTime": "161045.718000",
        "TransmitCoilName": "Body",
        "VariableFlipAngleFlag": "N",
        "WindowCenterWidthExplanation": "Algo1",
        "dBdt": 0.0
      },
