{
  "aor": 0.0005444375,
  "aqi": 0.009323596312499998,
  "bids_meta": {
    "AcquisitionMatrixPE": 64,
    "AcquisitionNumber": 1,
    "AcquisitionTime": "13:47:26.800000",
    "BandwidthPerPixelPhaseEncode": 31.25,
    "BaseResolution": 64,
    "CoilCombinationMethod": "Sum of Squares",
    "CoilString": "C:HEA;HEP",
    "ConversionSoftware": "dcm2niix",
    "ConversionSoftwareVersion": "v1.0.20211006",
    "DerivedVendorReportedEchoSpacing": 0.0005,
    "DeviceSerialNumber": "35377",
    "DwellTime": 3.4e-06,
    "EchoTime": 0.03,
    "EffectiveEchoSpacing": 0.0005,
    "FlipAngle": 90,
    "ImageOrientationPatientDICOM": [
      0.999154,
      -0.0394314,
      -0.0117143,
      0.0401301,
      0.996943,
      0.0670421
    ],
    "ImageOrientationText": "Tra>Cor(3.9)>Sag(-0.5)",
    "ImageType": [
      "ORIGINAL",
      "PRIMARY",
      "M",
      "ND",
      "MOSAIC"
    ],
    "ImagingFrequency": 123.256,
    "InPlanePhaseEncodingDirectionDICOM": "COL",
    "InstitutionAddress": "Azinhaga Santa Comba StreetNo,Coimbra,District,PT,3000",
    "InstitutionName": "ICNAS",
    "InstitutionalDepartmentName": "Department",
    "MRAcquisitionType": "2D",
    "MagneticFieldStrength": 3,
    "Manufacturer": "Siemens",
    "ManufacturersModelName": "TrioTim",
    "MatrixCoilMode": "SENSE",
    "Modality": "MR",
    "PartialFourier": 1,
    "PatientPosition": "HFS",
    "PercentPhaseFOV": 100,
    "PercentSampling": 100,
    "PhaseEncodingDirection": "j-",
    "PhaseEncodingSteps": 64,
    "PhaseResolution": 1,
    "PixelBandwidth": 2298,
    "ProcedureStepDescription": "Unknown",
    "ProtocolName": "rtfmri_neurofeedback_LocDynamicExpressions",
    "PulseSequenceDetails": "%SiemensSeq%\\ep2d_bold",
    "ReceiveCoilName": "HeadMatrix",
    "ReconMatrixPE": 64,
    "RepetitionTime": 2,
    "SAR": 0.187699,
    "ScanOptions": "FS",
    "ScanningSequence": "EP",
    "SequenceName": "*epfid2d1_64",
    "SequenceVariant": "SK",
    "SeriesDescription": "rtfmri_neurofeedback_LocDynamicExpressions",
    "SeriesNumber": 3,
    "ShimSetting": [
      15819,
      7516,
      21424,
      643,
      223,
      -642,
      -11,
      15
    ],
    "SliceThickness": 3,
    "SliceTiming": [
      0,
      1.0325,
      0.06,
      1.095,
      0.12,
      1.155,
      0.1825,
      1.215,
      0.2425,
      1.2775,
      0.3025,
      1.3375,
      0.365,
      1.3975,
      0.425,
      1.46,
      0.485,
      1.52,
      0.5475,
      1.58,
      0.6075,
      1.6425,
      0.6675,
      1.7025,
      0.73,
      1.7625,
      0.79,
      1.825,
      0.85,
      1.885,
      0.9125,
      1.945,
      0.9725
    ],
    "SoftwareVersions": "syngo MR B17",
    "SpacingBetweenSlices": 3,
    "StationName": "MRC35377",
    "TaskName": "faceexplocalizer",
    "TotalReadoutTime": 0.0315,
    "TxRefAmp": 366.83,
    "dataset": "ds004141",
    "dcmmeta_affine": [
      [
        -3.996614456176758,
        0.16052059829235077,
        -0.027104828506708145,
        121.1741714477539
      ],
      [
        0.157725527882576,
        3.9877712726593018,
        0.2023664116859436,
        -90.88097381591797
      ],
      [
        -0.04685727879405022,
        -0.26816844940185547,
        2.993044137954712,
        -37.97526168823242
      ],
      [
        0.0,
        0.0,
        0.0,
        1.0
      ]
    ],
    "dcmmeta_reorient_transform": [
      [
        0.0,
        -1.0,
        0.0,
        63.0
      ],
      [
        1.0,
        0.0,
        0.0,
        0.0
      ],
      [
        0.0,
        0.0,
        1.0,
        0.0
      ],
      [
        0.0,
        0.0,
        0.0,
        1.0
      ]
    ],
    "dcmmeta_shape": [
      64,
      64,
      33,
      160
    ],
    "dcmmeta_slice_dim": 2,
    "dcmmeta_version": 0.6,
    "global": {
      "const": {
        "AccessionNumber": "JVD20150220-0653",
        "AcquisitionMatrix": [
          64,
          0,
          0,
          64
        ],
        "Allergies": "MEDALERGIESL",
        "AngioFlag": "N",
        "BitsAllocated": 16,
        "BitsStored": 12,
        "Columns": 384,
        "EchoNumbers": 1,
        "EchoTime": 30.0,
        "EchoTrainLength": 1,
        "FlipAngle": 90.0,
        "HighBit": 11,
        "ImageOrientationPatient": [
          0.99915361221894,
          -0.0394313822916,
          -0.0117143194606,
          0.04013015068313,
          0.99694278964173,
          0.06704211502859
        ],
        "ImagePositionPatient": [
          -796.42857556252,
          -773.1559083669,
          -90.279665086997
        ],
        "ImageType": [
          "ORIGINAL",
          "PRIMARY",
          "M",
          "ND",
          "MOSAIC"
        ],
        "ImagedNucleus": "1H",
        "ImagingFrequency": 123.255615,
        "InPlanePhaseEncodingDirection": "COL",
        "MRAcquisitionType": "2D",
        "MagneticFieldStrength": 3.0,
        "Manufacturer": "SIEMENS",
        "ManufacturerModelName": "TrioTim",
        "MedicalAlerts": "MEDALERTS",
        "Modality": "MR",
        "NumberOfAverages": 1.0,
        "NumberOfPhaseEncodingSteps": 64,
        "PercentPhaseFieldOfView": 100.0,
        "PercentSampling": 100.0,
        "PerformedProcedureStepStartTime": "133513.390000",
        "PhotometricInterpretation": "MONOCHROME2",
        "PixelBandwidth": 2298.0,
        "PixelRepresentation": 0,
        "PixelSpacing": [
          4.0,
          4.0
        ],
        "ProtocolName": "rtfmri_neurofeedback_LocDynamicExpressions",
        "RepetitionTime": 2000.0,
        "RequestAttributesSequence": [
          {
            "RequestedProcedureID": "48c98c94-0a7f-48",
            "ScheduledProcedureStepDescription": "Unknown",
            "ScheduledProcedureStepID": "48c98c94-0a7f-48"
          }
        ],
        "Rows": 384,
        "SAR": 0.18769919183564,
        "SamplesPerPixel": 1,
        "ScanOptions": "FS",
        "ScanningSequence": "EP",
        "SequenceName": "*epfid2d1_64",
        "SequenceVariant": "SK",
        "SeriesDescription": "rtfmri_neurofeedback_LocDynamicExpressions",
        "SeriesNumber": 3,
        "SeriesTime": "134730.515000",
        "SliceLocation": -45.112433124984,
        "SliceThickness": 3.0,
        "SmallestImagePixelValue": 0,
        "SoftwareVersions": "syngo MR B17",
        "SpacingBetweenSlices": 3.0000000120293,
        "SpecificCharacterSet": "ISO_IR 100",
        "StudyID": "48c98c94-0a7f-48",
        "StudyTime": "133513.312000",
        "TransmitCoilName": "Body",
        "VariableFlipAngleFlag": "N",
        "WindowCenterWidthExplanation": "Algo1",
        "dBdt": 0.0
      },
